GEM
  remote: https://rubygems.org/
  specs:
    addressable (2.7.0)
      public_suffix (>= 2.0.2, < 5.0)
    faraday (1.0.1)
      multipart-post (>= 1.2, < 3)
    gapic-common (0.2.0)
      google-protobuf (~> 3.2)
      googleapis-common-protos (>= 1.3.9, < 2.0)
      googleapis-common-protos-types (>= 1.0.4, < 2.0)
      googleauth (~> 0.9)
      grpc (~> 1.25)
    google-cloud-core (1.5.0)
      google-cloud-env (~> 1.0)
      google-cloud-errors (~> 1.0)
    google-cloud-env (1.3.1)
      faraday (>= 0.17.3, < 2.0)
    google-cloud-errors (1.0.0)
    google-cloud-secret_manager (0.4.0)
      google-cloud-core (~> 1.5)
      google-cloud-secret_manager-v1 (~> 0.1)
      google-cloud-secret_manager-v1beta1 (~> 0.3)
    google-cloud-secret_manager-v1 (0.3.0)
      gapic-common (~> 0.2)
      google-cloud-errors (~> 1.0)
      grpc-google-iam-v1 (>= 0.6.10, < 2.0)
    google-cloud-secret_manager-v1beta1 (0.5.0)
      gapic-common (~> 0.2)
      google-cloud-errors (~> 1.0)
      grpc-google-iam-v1 (>= 0.6.10, < 2.0)
    google-protobuf (3.11.4)
    googleapis-common-protos (1.3.10)
      google-protobuf (~> 3.11)
      googleapis-common-protos-types (>= 1.0.5, < 2.0)
      grpc (~> 1.27)
    googleapis-common-protos-types (1.0.5)
      google-protobuf (~> 3.11)
    googleauth (0.12.0)
      faraday (>= 0.17.3, < 2.0)
      jwt (>= 1.4, < 3.0)
      memoist (~> 0.16)
      multi_json (~> 1.11)
      os (>= 0.9, < 2.0)
      signet (~> 0.14)
    grpc (1.28.0)
      google-protobuf (~> 3.11)
      googleapis-common-protos-types (~> 1.0)
    grpc-google-iam-v1 (0.6.10)
      google-protobuf (~> 3.11)
      googleapis-common-protos (>= 1.3.10, < 2.0)
      grpc (~> 1.27)
    json (2.3.0)
    jwt (2.2.1)
    memoist (0.16.2)
    multi_json (1.14.1)
    multipart-post (2.1.1)
    mustermann (1.1.1)
      ruby2_keywords (~> 0.0.1)
    os (1.1.0)
    public_suffix (4.0.4)
    rack (2.2.2)
    rack-protection (2.0.8.1)
      rack
    rack_csrf (2.6.0)
      rack (>= 1.1.0)
    ruby2_keywords (0.0.2)
    sequel (5.31.0)
    signet (0.14.0)
      addressable (~> 2.3)
      faraday (>= 0.17.3, < 2.0)
      jwt (>= 1.5, < 3.0)
      multi_json (~> 1.10)
    sinatra (2.0.8.1)
      mustermann (~> 1.0)
      rack (~> 2.0)
      rack-protection (= 2.0.8.1)
      tilt (~> 2.0)
    sqlite3 (1.4.2)
    tilt (2.0.10)

PLATFORMS
  ruby

DEPENDENCIES
  google-cloud-secret_manager
  json
  rack
  rack_csrf
  sequel
  sinatra
  sqlite3

BUNDLED WITH
   1.17.2
