GEM
  remote: https://rubygems.org/
  specs:
    backports (3.17.1)
    eventmachine (1.2.7)
    mime-types (1.19)
    rack (1.4.1)
    rack-protection (1.2.0)
      rack
    rack-test (1.1.0)
      rack (>= 1.0, < 3)
    rest-client (1.6.7)
      mime-types (>= 1.16)
    sinatra (1.3.2)
      rack (~> 1.3, >= 1.3.6)
      rack-protection (~> 1.2)
      tilt (~> 1.3, >= 1.3.3)
    sinatra-contrib (1.3.2)
      backports (>= 2.0)
      eventmachine
      rack-protection
      rack-test
      sinatra (~> 1.3.0)
      tilt (~> 1.3)
    tilt (1.3.3)

PLATFORMS
  ruby

DEPENDENCIES
  rest-client
  sinatra
  sinatra-contrib

BUNDLED WITH
   1.17.2
